GEM
  remote: https://rubygems.org/
  specs:
    activesupport (6.0.2.1)
      concurrent-ruby (~> 1.0, >= 1.0.2)
      i18n (>= 0.7, < 2)
      minitest (~> 5.1)
      tzinfo (~> 1.1)
      zeitwerk (~> 2.2)
    async (1.24.0)
      console (~> 1.0)
      nio4r (~> 2.3)
      timers (~> 4.1)
    async-container (0.14.1)
      async (~> 1.0)
      async-io (~> 1.4)
      process-group
    async-http (0.49.1)
      async (~> 1.23)
      async-io (~> 1.27.0)
      protocol-http (~> 0.13.0)
      protocol-http1 (~> 0.10.0)
      protocol-http2 (~> 0.10.0)
    async-io (1.27.1)
      async (~> 1.14)
    async-websocket (0.13.1)
      async-http (~> 0.43)
      async-io (~> 1.23)
      protocol-websocket (~> 0.7.0)
    build-environment (1.12.1)
    byebug (11.0.1)
    concurrent-ruby (1.1.5)
    console (1.6.0)
    falcon (0.34.4)
      async (~> 1.13)
      async-container (~> 0.14.0)
      async-http (~> 0.49.0)
      async-io (~> 1.22)
      build-environment (~> 1.11)
      localhost (~> 1.1)
      rack (>= 1.0)
      samovar (~> 2.1)
    ffi (1.11.3)
    i18n (1.7.0)
      concurrent-ruby (~> 1.0)
    localhost (1.1.6)
    mapping (1.1.1)
    minitest (5.13.0)
    nio4r (2.5.2)
    process-group (1.2.1)
      process-terminal (~> 0.2.0)
    process-terminal (0.2.0)
      ffi
    protocol-hpack (1.4.1)
    protocol-http (0.13.0)
    protocol-http1 (0.10.0)
      protocol-http (~> 0.13)
    protocol-http2 (0.10.4)
      protocol-hpack (~> 1.4)
      protocol-http (~> 0.2)
    protocol-websocket (0.7.4)
      protocol-http (~> 0.2)
      protocol-http1 (~> 0.2)
    rack (2.0.8)
    samovar (2.1.2)
      console (~> 1.0)
      mapping (~> 1.0)
    thread_safe (0.3.6)
    timers (4.3.0)
    tzinfo (1.2.5)
      thread_safe (~> 0.1)
    zeitwerk (2.2.2)

PLATFORMS
  ruby

DEPENDENCIES
  activesupport
  async-websocket
  byebug
  falcon

RUBY VERSION
   ruby 2.6.0p0

BUNDLED WITH
   2.1.2
